{
	"TaskName": "p300",
	"Manufacturer": "NeXus-32 (MindMedia/TMSi)",
	"PowerLineFrequency": 50.0,
	"SamplingFrequency": 128.0,
	"SoftwareFilters": "n/a",
	"RecordingDuration": 340.9921875,
	"RecordingType": "continuous",
	"EEGReference": "hardware common average reference",
	"EEGGround": "FZ",
	"EEGPlacementScheme": "10-20 system",
	"EEGChannelCount": 17,
	"EOGChannelCount": 0,
	"ECGChannelCount": 0,
	"EMGChannelCount": 0,
	"TriggerChannelCount": 0,
	"ManufacturersModelName": "NeXus-32 (MindMedia/TMSi)",
	"SoftwareVersions": "OpenVibe",
	"HardwareFilters": "n/a",
	"TaskDescription": "[brain_invaders] longitudinal and transversal design with training-test mode of operation",
	"Instructions": "limit eye blinks, head movements and face muscular contractions; silently count the number of Target flashes",
	"CogAtlasID": "https://www.cognitiveatlas.org/task/id/tsk_GxjZBNiJorj1K/",
	"InstitutionName": "GIPSA-lab, CNRS, University Grenoble-Alpes, Grenoble INP",
	"InstitutionAddress": "GIPSA-lab, 11 rue des Math\u00e9matiques, Grenoble Campus BP46, F-38402, France",
	"InstitutionalDepartmentName": "n/a",
	"CapManufacturer": "n/a",
	"CapManufacturersModelName": "n/a",
	"SubjectArtefactDescription": "n/a",
	"DeviceSerialNumber": "n/a",
	"Description": "EEG recordings of 25 subjects testing the Brain Invaders, a visual P300 Brain-Computer Interface inspired by the famous vintage video game Space Invaders",
	"MISCChannelCount": 0
}